RESTRICTION: >= net45
NUGET
  remote: https://www.nuget.org/api/v2
    Akka (1.2)
      Newtonsoft.Json (>= 9.0.1)
      System.Collections.Immutable (>= 1.3.1)
    Akka.TestKit (1.2)
      Akka (>= 1.2)
    Akka.TestKit.NUnit (1.1.2)
      Akka (>= 1.1.2)
      Akka.TestKit (>= 1.1.2)
      Newtonsoft.Json (>= 9.0.1)
      NUnit (>= 2.6.4)
      System.Collections.Immutable (>= 1.1.36)
    CommandLineParser (1.9.71)
    CommonServiceLocator (1.3)
    FAKE (4.50.1)
    FakeItEasy (3.4.2)
    FSharp.Core (4.1)
      System.ValueTuple (>= 4.3)
    JsonNet.PrivateSettersContractResolvers.Source (0.1)
    Microsoft.AspNet.WebApi.Client (5.2.3)
      Newtonsoft.Json (>= 6.0.4)
    Microsoft.AspNet.WebApi.Core (5.2.3)
      Microsoft.AspNet.WebApi.Client (>= 5.2.3)
    Microsoft.AspNet.WebApi.Owin (5.2.3)
      Microsoft.AspNet.WebApi.Core (>= 5.2.3 < 5.3)
      Microsoft.Owin (>= 2.0.2)
      Owin (>= 1.0)
    Microsoft.AspNetCore.Hosting.Abstractions (1.1.1) - restriction: || (&& (>= net45) (>= netstandard1.3)) (>= net451)
      Microsoft.AspNetCore.Hosting.Server.Abstractions (>= 1.1.1) - restriction: || (&& (>= net45) (>= netstandard1.3)) (>= net451)
      Microsoft.AspNetCore.Http.Abstractions (>= 1.1.1) - restriction: || (&& (>= net45) (>= netstandard1.3)) (>= net451)
      Microsoft.Extensions.Configuration.Abstractions (>= 1.1.1) - restriction: || (&& (>= net45) (>= netstandard1.3)) (>= net451)
      Microsoft.Extensions.DependencyInjection.Abstractions (>= 1.1) - restriction: || (&& (>= net45) (>= netstandard1.3)) (>= net451)
      Microsoft.Extensions.FileProviders.Abstractions (>= 1.1) - restriction: || (&& (>= net45) (>= netstandard1.3)) (>= net451)
      Microsoft.Extensions.Logging.Abstractions (>= 1.1.1) - restriction: || (&& (>= net45) (>= netstandard1.3)) (>= net451)
      NETStandard.Library (>= 1.6.1) - restriction: || (&& (>= net45) (>= netstandard1.3)) (>= net451)
    Microsoft.AspNetCore.Hosting.Server.Abstractions (1.1.1) - restriction: || (&& (>= net45) (>= netstandard1.3)) (>= net451)
      Microsoft.AspNetCore.Http.Features (>= 1.1.1) - restriction: || (&& (>= net45) (>= netstandard1.3)) (>= net451)
      Microsoft.Extensions.Configuration.Abstractions (>= 1.1.1) - restriction: || (&& (>= net45) (>= netstandard1.3)) (>= net451)
      NETStandard.Library (>= 1.6.1) - restriction: || (&& (>= net45) (>= netstandard1.3)) (>= net451)
    Microsoft.AspNetCore.Http.Abstractions (1.1.1) - restriction: || (&& (>= net45) (>= netstandard1.3)) (>= net451)
      Microsoft.AspNetCore.Http.Features (>= 1.1.1) - restriction: || (&& (>= net45) (>= netstandard1.3)) (>= net451)
      Microsoft.Extensions.Primitives (>= 1.1) - restriction: || (&& (>= net45) (>= netstandard1.3)) (>= net451)
      NETStandard.Library (>= 1.6.1) - restriction: || (&& (>= net45) (>= netstandard1.3)) (>= net451)
      System.Text.Encodings.Web (>= 4.3) - restriction: || (&& (>= net45) (>= netstandard1.3)) (>= net451)
    Microsoft.AspNetCore.Http.Features (1.1.1) - restriction: || (&& (>= net45) (>= netstandard1.3)) (>= net451)
      Microsoft.Extensions.Primitives (>= 1.1) - restriction: || (&& (>= net45) (>= netstandard1.3)) (>= net451)
      NETStandard.Library (>= 1.6.1) - restriction: || (&& (>= net45) (>= netstandard1.3)) (>= net451)
    Microsoft.EntityFrameworkCore (1.1.1)
      Microsoft.Extensions.Caching.Memory (>= 1.1.1) - restriction: || (&& (>= net45) (>= netstandard1.3)) (>= net451)
      Microsoft.Extensions.DependencyInjection (>= 1.1) - restriction: || (&& (>= net45) (>= netstandard1.3)) (>= net451)
      Microsoft.Extensions.Logging (>= 1.1.1) - restriction: || (&& (>= net45) (>= netstandard1.3)) (>= net451)
      NETStandard.Library (>= 1.6.1) - restriction: || (&& (>= net45) (>= netstandard1.3)) (>= net451)
      Remotion.Linq (>= 2.1.1) - restriction: || (&& (>= net45) (>= netstandard1.3)) (>= net451)
      System.Collections.Immutable (>= 1.3) - restriction: || (&& (>= net45) (>= netstandard1.3)) (>= net451)
      System.Interactive.Async (>= 3.0) - restriction: || (&& (>= net45) (>= netstandard1.3)) (>= net451)
    Microsoft.EntityFrameworkCore.Design (1.1.1)
      Microsoft.AspNetCore.Hosting.Abstractions (>= 1.1.1) - restriction: || (&& (>= net45) (>= netstandard1.3)) (>= net451)
      Microsoft.EntityFrameworkCore.Relational.Design (>= 1.1.1) - restriction: || (&& (>= net45) (>= netstandard1.3)) (>= net451)
      NETStandard.Library (>= 1.6.1) - restriction: || (&& (>= net45) (>= netstandard1.3)) (>= net451)
    Microsoft.EntityFrameworkCore.Relational (1.1.1) - restriction: || (&& (>= net45) (>= netstandard1.3)) (>= net451)
      Microsoft.EntityFrameworkCore (>= 1.1.1) - restriction: || (&& (>= net45) (>= netstandard1.3)) (>= net451)
      NETStandard.Library (>= 1.6.1) - restriction: || (&& (>= net45) (>= netstandard1.3)) (>= net451)
      System.Diagnostics.DiagnosticSource (>= 4.3) - restriction: || (&& (>= net45) (>= netstandard1.3)) (>= net451)
    Microsoft.EntityFrameworkCore.Relational.Design (1.1.1) - restriction: || (&& (>= net45) (>= netstandard1.3)) (>= net451)
      Microsoft.EntityFrameworkCore.Relational (>= 1.1.1) - restriction: || (&& (>= net45) (>= netstandard1.3)) (>= net451)
      NETStandard.Library (>= 1.6.1) - restriction: || (&& (>= net45) (>= netstandard1.3)) (>= net451)
    Microsoft.EntityFrameworkCore.Tools (1.1)
      Microsoft.EntityFrameworkCore.Design (>= 1.1.1) - restriction: || (&& (>= net45) (>= netstandard1.3)) (>= net451)
    Microsoft.Extensions.Caching.Abstractions (1.1.1) - restriction: || (&& (>= net45) (>= netstandard1.3)) (>= net451)
      Microsoft.Extensions.Primitives (>= 1.1)
      NETStandard.Library (>= 1.6.1)
    Microsoft.Extensions.Caching.Memory (1.1.1) - restriction: || (&& (>= net45) (>= netstandard1.3)) (>= net451)
      Microsoft.Extensions.Caching.Abstractions (>= 1.1.1) - restriction: || (&& (>= net45) (>= netstandard1.3)) (>= net451)
      Microsoft.Extensions.DependencyInjection.Abstractions (>= 1.1) - restriction: || (&& (>= net45) (>= netstandard1.3)) (>= net451)
      Microsoft.Extensions.Options (>= 1.1.1) - restriction: || (&& (>= net45) (>= netstandard1.3)) (>= net451)
      NETStandard.Library (>= 1.6.1) - restriction: || (&& (>= net45) (>= netstandard1.3)) (>= net451)
    Microsoft.Extensions.Configuration.Abstractions (1.1.1) - restriction: || (&& (>= net45) (>= netstandard1.3)) (>= net451)
      Microsoft.Extensions.Primitives (>= 1.1)
      NETStandard.Library (>= 1.6.1)
    Microsoft.Extensions.DependencyInjection (1.1) - restriction: || (&& (>= net45) (>= netstandard1.3)) (>= net451)
      Microsoft.Extensions.DependencyInjection.Abstractions (>= 1.1)
      NETStandard.Library (>= 1.6.1)
    Microsoft.Extensions.DependencyInjection.Abstractions (1.1) - restriction: || (&& (>= net45) (>= netstandard1.3)) (>= net451)
      NETStandard.Library (>= 1.6.1)
      System.ComponentModel (>= 4.3)
    Microsoft.Extensions.FileProviders.Abstractions (1.1) - restriction: || (&& (>= net45) (>= netstandard1.3)) (>= net451)
      Microsoft.Extensions.Primitives (>= 1.1)
      NETStandard.Library (>= 1.6.1)
    Microsoft.Extensions.Logging (1.1.1) - restriction: || (&& (>= net45) (>= netstandard1.3)) (>= net451)
      Microsoft.Extensions.DependencyInjection.Abstractions (>= 1.1)
      Microsoft.Extensions.Logging.Abstractions (>= 1.1.1)
      NETStandard.Library (>= 1.6.1)
    Microsoft.Extensions.Logging.Abstractions (1.1.1) - restriction: || (&& (>= net45) (>= netstandard1.3)) (>= net451)
      NETStandard.Library (>= 1.6.1)
    Microsoft.Extensions.Options (1.1.1) - restriction: || (&& (>= net45) (>= netstandard1.3)) (>= net451)
      Microsoft.Extensions.DependencyInjection.Abstractions (>= 1.1)
      Microsoft.Extensions.Primitives (>= 1.1)
      NETStandard.Library (>= 1.6.1)
      System.ComponentModel (>= 4.3)
    Microsoft.Extensions.Primitives (1.1) - restriction: || (&& (>= net45) (>= netstandard1.3)) (>= net451)
      NETStandard.Library (>= 1.6.1)
      System.Runtime.CompilerServices.Unsafe (>= 4.3)
    Microsoft.NETCore.Platforms (1.1) - restriction: || (&& (>= net45) (>= netstandard1.3)) (>= net451)
    Microsoft.Owin (3.0.1)
      Owin (>= 1.0)
    Microsoft.Owin.Diagnostics (3.0.1)
      Microsoft.Owin (>= 3.0.1)
      Owin (>= 1.0)
    Microsoft.Owin.FileSystems (3.0.1)
    Microsoft.Owin.Host.HttpListener (3.0.1)
    Microsoft.Owin.Hosting (3.0.1)
      Microsoft.Owin (>= 3.0.1)
      Owin (>= 1.0)
    Microsoft.Owin.SelfHost (3.0.1)
      Microsoft.Owin (>= 3.0.1)
      Microsoft.Owin.Diagnostics (>= 3.0.1)
      Microsoft.Owin.Host.HttpListener (>= 3.0.1)
      Microsoft.Owin.Hosting (>= 3.0.1)
      Owin (>= 1.0)
    Microsoft.Owin.StaticFiles (3.0.1)
      Microsoft.Owin (>= 3.0.1)
      Microsoft.Owin.FileSystems (>= 3.0.1)
      Owin (>= 1.0)
    Microsoft.Win32.Primitives (4.3) - restriction: || (&& (>= net45) (>= netstandard1.3)) (&& (>= net451) (>= netstandard1.3))
    NETStandard.Library (1.6.1) - restriction: || (&& (>= net45) (>= netstandard1.3)) (>= net451)
      Microsoft.NETCore.Platforms (>= 1.1)
      Microsoft.Win32.Primitives (>= 4.3) - restriction: && (>= net45) (>= netstandard1.3)
      System.AppContext (>= 4.3) - restriction: && (>= net45) (>= netstandard1.3)
      System.Collections (>= 4.3)
      System.Collections.Concurrent (>= 4.3)
      System.Console (>= 4.3) - restriction: && (>= net45) (>= netstandard1.3)
      System.Diagnostics.Debug (>= 4.3)
      System.Diagnostics.Tools (>= 4.3)
      System.Diagnostics.Tracing (>= 4.3)
      System.Globalization (>= 4.3)
      System.Globalization.Calendars (>= 4.3) - restriction: && (>= net45) (>= netstandard1.3)
      System.IO (>= 4.3)
      System.IO.Compression (>= 4.3)
      System.IO.Compression.ZipFile (>= 4.3) - restriction: && (>= net45) (>= netstandard1.3)
      System.IO.FileSystem (>= 4.3) - restriction: && (>= net45) (>= netstandard1.3)
      System.IO.FileSystem.Primitives (>= 4.3) - restriction: && (>= net45) (>= netstandard1.3)
      System.Linq (>= 4.3)
      System.Linq.Expressions (>= 4.3)
      System.Net.Http (>= 4.3)
      System.Net.Primitives (>= 4.3)
      System.Net.Sockets (>= 4.3) - restriction: && (>= net45) (>= netstandard1.3)
      System.ObjectModel (>= 4.3)
      System.Reflection (>= 4.3)
      System.Reflection.Extensions (>= 4.3)
      System.Reflection.Primitives (>= 4.3)
      System.Resources.ResourceManager (>= 4.3)
      System.Runtime (>= 4.3)
      System.Runtime.Extensions (>= 4.3)
      System.Runtime.Handles (>= 4.3) - restriction: && (>= net45) (>= netstandard1.3)
      System.Runtime.InteropServices (>= 4.3)
      System.Runtime.InteropServices.RuntimeInformation (>= 4.3)
      System.Runtime.Numerics (>= 4.3)
      System.Security.Cryptography.Algorithms (>= 4.3) - restriction: && (>= net45) (>= netstandard1.3)
      System.Security.Cryptography.Encoding (>= 4.3) - restriction: && (>= net45) (>= netstandard1.3)
      System.Security.Cryptography.Primitives (>= 4.3) - restriction: && (>= net45) (>= netstandard1.3)
      System.Security.Cryptography.X509Certificates (>= 4.3) - restriction: && (>= net45) (>= netstandard1.3)
      System.Text.Encoding (>= 4.3)
      System.Text.Encoding.Extensions (>= 4.3)
      System.Text.RegularExpressions (>= 4.3)
      System.Threading (>= 4.3)
      System.Threading.Tasks (>= 4.3)
      System.Threading.Timer (>= 4.3) - restriction: && (>= net45) (>= netstandard1.2)
      System.Xml.ReaderWriter (>= 4.3)
      System.Xml.XDocument (>= 4.3)
    Newtonsoft.Json (9.0.1)
    Npgsql (3.2.2) - restriction: || (&& (>= net45) (>= netstandard1.3)) (>= net451)
      System.Threading.Tasks.Extensions (>= 4.3)
    Npgsql.EntityFrameworkCore.PostgreSQL (1.1)
      Microsoft.EntityFrameworkCore (>= 1.1) - restriction: || (&& (>= net45) (>= netstandard1.3)) (>= net451)
      Microsoft.EntityFrameworkCore.Relational (>= 1.1) - restriction: || (&& (>= net45) (>= netstandard1.3)) (>= net451)
      Microsoft.Extensions.DependencyInjection (>= 1.1) - restriction: || (&& (>= net45) (>= netstandard1.3)) (>= net451)
      Microsoft.Extensions.DependencyInjection.Abstractions (>= 1.1) - restriction: || (&& (>= net45) (>= netstandard1.3)) (>= net451)
      Npgsql (>= 3.1.9) - restriction: || (&& (>= net45) (>= netstandard1.3)) (>= net451)
    Npgsql.EntityFrameworkCore.PostgreSQL.Design (1.1)
      Microsoft.EntityFrameworkCore (>= 1.1) - restriction: || (&& (>= net45) (>= netstandard1.3)) (>= net451)
      Microsoft.EntityFrameworkCore.Relational (>= 1.1) - restriction: || (&& (>= net45) (>= netstandard1.3)) (>= net451)
      Microsoft.EntityFrameworkCore.Relational.Design (>= 1.1) - restriction: || (&& (>= net45) (>= netstandard1.3)) (>= net451)
      Microsoft.Extensions.DependencyInjection (>= 1.1) - restriction: || (&& (>= net45) (>= netstandard1.3)) (>= net451)
      Microsoft.Extensions.DependencyInjection.Abstractions (>= 1.1) - restriction: || (&& (>= net45) (>= netstandard1.3)) (>= net451)
      Npgsql (>= 3.1.9) - restriction: || (&& (>= net45) (>= netstandard1.3)) (>= net451)
      Npgsql.EntityFrameworkCore.PostgreSQL (>= 1.1) - restriction: || (&& (>= net45) (>= netstandard1.3)) (>= net451)
    NUnit (2.6.4)
    Owin (1.0)
    Remotion.Linq (2.1.1) - restriction: || (&& (>= net45) (>= netstandard1.3)) (>= net451)
      System.Collections (>= 4.0.11)
      System.Diagnostics.Debug (>= 4.0.11)
      System.Linq (>= 4.1)
      System.Linq.Expressions (>= 4.1)
      System.Linq.Queryable (>= 4.0.1)
      System.ObjectModel (>= 4.0.12)
      System.Reflection (>= 4.1)
      System.Reflection.Extensions (>= 4.0.1)
      System.Runtime (>= 4.1)
      System.Runtime.Extensions (>= 4.1)
      System.Threading (>= 4.0.11)
    System.AppContext (4.3) - restriction: || (&& (>= net45) (>= netstandard1.3)) (&& (>= net451) (>= netstandard1.3))
    System.Collections (4.3) - restriction: || (&& (>= net45) (>= netstandard1.3)) (>= net451)
    System.Collections.Concurrent (4.3) - restriction: || (&& (>= net45) (>= netstandard1.3)) (>= net451)
    System.Collections.Immutable (1.3.1)
    System.ComponentModel (4.3) - restriction: || (&& (>= net45) (>= netstandard1.3)) (>= net451)
    System.Console (4.3) - restriction: || (&& (>= net45) (>= netstandard1.3)) (&& (>= net451) (>= netstandard1.3))
    System.Diagnostics.Debug (4.3) - restriction: || (&& (>= net45) (>= netstandard1.3)) (>= net451)
    System.Diagnostics.DiagnosticSource (4.3) - restriction: || (&& (>= net45) (>= netstandard1.3)) (>= net451)
    System.Diagnostics.Tools (4.3) - restriction: || (&& (>= net45) (>= netstandard1.3)) (>= net451)
    System.Diagnostics.Tracing (4.3) - restriction: || (&& (>= net45) (>= netstandard1.3)) (>= net451)
    System.Globalization (4.3) - restriction: || (&& (>= net45) (>= netstandard1.3)) (>= net451)
    System.Globalization.Calendars (4.3) - restriction: || (&& (>= net45) (>= netstandard1.3)) (&& (>= net451) (>= netstandard1.3))
    System.Interactive.Async (3.1.1) - restriction: || (&& (>= net45) (>= netstandard1.3)) (>= net451)
    System.IO (4.3) - restriction: || (&& (>= net45) (< net46) (>= netstandard1.4)) (&& (>= net45) (>= netstandard1.3)) (&& (>= net45) (>= netstandard1.6)) (>= net451)
    System.IO.Compression (4.3) - restriction: || (&& (>= net45) (>= netstandard1.3)) (>= net451)
    System.IO.Compression.ZipFile (4.3) - restriction: || (&& (>= net45) (>= netstandard1.3)) (&& (>= net451) (>= netstandard1.3))
    System.IO.FileSystem (4.3) - restriction: || (&& (>= net45) (>= netstandard1.3)) (&& (>= net451) (>= netstandard1.3))
      System.IO.FileSystem.Primitives (>= 4.3) - restriction: || (&& (>= net45) (>= netstandard1.3)) (>= net46)
    System.IO.FileSystem.Primitives (4.3) - restriction: || (&& (>= net45) (>= netstandard1.3)) (&& (>= net451) (>= netstandard1.3)) (>= net46)
    System.Linq (4.3) - restriction: || (&& (>= net45) (>= netstandard1.3)) (>= net451)
    System.Linq.Expressions (4.3) - restriction: || (&& (>= net45) (>= netstandard1.3)) (>= net451)
    System.Linq.Queryable (4.3) - restriction: || (&& (>= net45) (>= netstandard1.3)) (>= net451)
    System.Net.Http (4.3.1) - restriction: || (&& (>= net45) (>= netstandard1.3)) (>= net451)
      System.Security.Cryptography.X509Certificates (>= 4.3) - restriction: || (&& (>= net45) (>= dnxcore50)) (&& (>= net45) (>= netstandard1.6)) (>= net46)
    System.Net.Primitives (4.3) - restriction: || (&& (>= net45) (>= netstandard1.3)) (>= net451)
    System.Net.Sockets (4.3) - restriction: || (&& (>= net45) (>= netstandard1.3)) (&& (>= net451) (>= netstandard1.3))
    System.ObjectModel (4.3) - restriction: || (&& (>= net45) (>= netstandard1.3)) (>= net451)
    System.Reflection (4.3) - restriction: || (&& (>= net45) (>= netstandard1.3)) (>= net451)
    System.Reflection.Extensions (4.3) - restriction: || (&& (>= net45) (>= netstandard1.3)) (>= net451)
    System.Reflection.Primitives (4.3) - restriction: || (&& (>= net45) (>= netstandard1.3)) (>= net451)
    System.Resources.ResourceManager (4.3) - restriction: || (&& (>= net45) (>= netstandard1.3)) (>= net451)
    System.Runtime (4.3) - restriction: || (&& (>= net45) (< net46) (>= netstandard1.4)) (&& (>= net45) (>= netstandard1.3)) (&& (>= net45) (>= netstandard1.6)) (&& (>= net45) (>= netcore1.1)) (>= net451)
    System.Runtime.CompilerServices.Unsafe (4.3) - restriction: || (&& (>= net45) (>= netstandard1.3)) (>= net451)
    System.Runtime.Extensions (4.3) - restriction: || (&& (>= net45) (>= netstandard1.3)) (>= net451)
    System.Runtime.Handles (4.3) - restriction: || (&& (>= net45) (>= netstandard1.3)) (&& (>= net451) (>= netstandard1.3))
    System.Runtime.InteropServices (4.3) - restriction: || (&& (>= net45) (>= netstandard1.3)) (>= net451)
      System.Runtime (>= 4.3) - restriction: || (&& (>= net45) (>= dnxcore50)) (&& (>= net45) (>= netcore1.1)) (>= net462)
    System.Runtime.InteropServices.RuntimeInformation (4.3) - restriction: || (&& (>= net45) (>= netstandard1.3)) (>= net451)
    System.Runtime.Numerics (4.3) - restriction: || (&& (>= net45) (>= netstandard1.3)) (>= net451)
    System.Security.Cryptography.Algorithms (4.3) - restriction: || (&& (>= net45) (>= netstandard1.3)) (&& (>= net451) (>= netstandard1.3))
      System.IO (>= 4.3) - restriction: || (&& (>= net45) (< net46) (>= netstandard1.3) (< netstandard1.4)) (&& (>= net45) (< net46) (>= netstandard1.4)) (&& (>= net45) (>= dnxcore50)) (&& (>= net45) (>= netstandard1.6)) (>= net463)
      System.Runtime (>= 4.3) - restriction: || (&& (>= net45) (< net46) (>= netstandard1.3) (< netstandard1.4)) (&& (>= net45) (< net46) (>= netstandard1.4)) (&& (>= net45) (>= dnxcore50)) (&& (>= net45) (>= netstandard1.6)) (>= net463)
      System.Security.Cryptography.Encoding (>= 4.3) - restriction: || (&& (>= net45) (>= dnxcore50)) (&& (>= net45) (>= netstandard1.6)) (>= net463)
      System.Security.Cryptography.Primitives (>= 4.3) - restriction: || (&& (>= net45) (< net46) (>= netstandard1.3) (< netstandard1.4)) (&& (>= net45) (< net46) (>= netstandard1.4)) (&& (>= net45) (>= dnxcore50)) (&& (>= net45) (>= netstandard1.6)) (&& (>= net46) (< netstandard1.4)) (>= net461)
    System.Security.Cryptography.Encoding (4.3) - restriction: || (&& (>= net45) (>= netstandard1.3)) (&& (>= net45) (>= netstandard1.6)) (&& (>= net451) (>= netstandard1.3)) (&& (>= net451) (>= netstandard1.6)) (>= net463)
    System.Security.Cryptography.Primitives (4.3) - restriction: || (&& (>= net45) (< net46) (>= netstandard1.4)) (&& (>= net45) (>= netstandard1.3)) (&& (>= net45) (>= netstandard1.6)) (&& (>= net451) (< net46) (>= netstandard1.4)) (&& (>= net451) (>= netstandard1.3)) (&& (>= net451) (>= netstandard1.6)) (&& (>= net46) (< netstandard1.4)) (>= net461)
    System.Security.Cryptography.X509Certificates (4.3) - restriction: || (&& (>= net45) (>= netstandard1.3)) (&& (>= net45) (>= netstandard1.6)) (&& (>= net451) (>= dnxcore50)) (&& (>= net451) (>= netstandard1.3)) (&& (>= net451) (>= netstandard1.6)) (>= net46)
      System.Security.Cryptography.Algorithms (>= 4.3) - restriction: || (&& (>= net45) (< net46) (>= netstandard1.3) (< netstandard1.4)) (&& (>= net45) (< net46) (>= netstandard1.4)) (&& (>= net45) (>= dnxcore50)) (&& (>= net45) (>= netstandard1.6)) (&& (>= net46) (< netstandard1.4)) (>= net461)
      System.Security.Cryptography.Encoding (>= 4.3) - restriction: || (&& (>= net45) (< net46) (>= netstandard1.3) (< netstandard1.4)) (&& (>= net45) (< net46) (>= netstandard1.4)) (&& (>= net45) (>= dnxcore50)) (&& (>= net45) (>= netstandard1.6)) (&& (>= net46) (< netstandard1.4)) (>= net461)
    System.Text.Encoding (4.3) - restriction: || (&& (>= net45) (>= netstandard1.3)) (>= net451)
    System.Text.Encoding.Extensions (4.3) - restriction: || (&& (>= net45) (>= netstandard1.3)) (>= net451)
    System.Text.Encodings.Web (4.3) - restriction: || (&& (>= net45) (>= netstandard1.3)) (>= net451)
    System.Text.RegularExpressions (4.3) - restriction: || (&& (>= net45) (>= netstandard1.3)) (>= net451)
    System.Threading (4.3) - restriction: || (&& (>= net45) (>= netstandard1.3)) (>= net451)
    System.Threading.Tasks (4.3) - restriction: || (&& (>= net45) (>= netstandard1.3)) (>= net451)
    System.Threading.Tasks.Extensions (4.3) - restriction: >= net451
    System.Threading.Timer (4.3) - restriction: || (&& (>= net45) (>= netstandard1.3)) (>= net451)
    System.ValueTuple (4.3)
    System.Xml.ReaderWriter (4.3) - restriction: || (&& (>= net45) (>= netstandard1.3)) (>= net451)
    System.Xml.XDocument (4.3) - restriction: || (&& (>= net45) (>= netstandard1.3)) (>= net451)
    Unity (4.0.1)
      CommonServiceLocator (>= 1.3)
    Unity.WebAPI (5.2.3)
      Microsoft.AspNet.WebApi.Core (>= 5.2.3)
      Unity (>= 4.0.1)
