FRAMEWORK: >= NET45
NUGET
  remote: https://www.nuget.org/api/v2
    Akka (1.1.2)
      Newtonsoft.Json (>= 9.0.1)
      System.Collections.Immutable (>= 1.1.36)
    Akka.TestKit (1.1.2)
      Akka (>= 1.1.2)
    Akka.TestKit.NUnit (1.1.2)
      Akka (>= 1.1.2)
      Akka.TestKit (>= 1.1.2)
      Newtonsoft.Json (>= 9.0.1)
      NUnit (>= 2.6.4)
      System.Collections.Immutable (>= 1.1.36)
    CommandLineParser (1.9.71)
    CommonServiceLocator (1.3)
    FAKE (4.45.1)
    JsonNet.PrivateSettersContractResolvers.Source (0.1)
    Microsoft.AspNet.WebApi.Client (5.2.3)
      Newtonsoft.Json (>= 6.0.4)
    Microsoft.AspNet.WebApi.Core (5.2.3)
      Microsoft.AspNet.WebApi.Client (>= 5.2.3)
    Microsoft.AspNet.WebApi.Owin (5.2.3)
      Microsoft.AspNet.WebApi.Core (>= 5.2.3 < 5.3)
      Microsoft.Owin (>= 2.0.2)
      Owin (>= 1.0)
    Microsoft.Owin (3.0.1)
      Owin (>= 1.0)
    Microsoft.Owin.Diagnostics (3.0.1)
      Microsoft.Owin (>= 3.0.1)
      Owin (>= 1.0)
    Microsoft.Owin.FileSystems (3.0.1)
    Microsoft.Owin.Host.HttpListener (3.0.1)
    Microsoft.Owin.Hosting (3.0.1)
      Microsoft.Owin (>= 3.0.1)
      Owin (>= 1.0)
    Microsoft.Owin.SelfHost (3.0.1)
      Microsoft.Owin (>= 3.0.1)
      Microsoft.Owin.Diagnostics (>= 3.0.1)
      Microsoft.Owin.Host.HttpListener (>= 3.0.1)
      Microsoft.Owin.Hosting (>= 3.0.1)
      Owin (>= 1.0)
    Microsoft.Owin.StaticFiles (3.0.1)
      Microsoft.Owin (>= 3.0.1)
      Microsoft.Owin.FileSystems (>= 3.0.1)
      Owin (>= 1.0)
    Newtonsoft.Json (9.0.1)
    NUnit (2.6.4)
    Owin (1.0)
    System.Collections.Immutable (1.1.36)
    Unity (4.0.1)
      CommonServiceLocator (>= 1.3)
    Unity.WebAPI (5.2.3)
      Microsoft.AspNet.WebApi.Core (>= 5.2.3)
      Unity (>= 4.0.1)
